GEM
  remote: https://rubygems.org/
  specs:
    rack (1.5.2)
    rack-protection (1.5.3)
      rack
    redis (3.0.6)
    redis-sinatra (1.4.0)
      redis-store (~> 1.1.0)
      sinatra (~> 1.4.0)
    redis-store (1.1.4)
      redis (>= 2.2)
    sinatra (1.4.5)
      rack (~> 1.4)
      rack-protection (~> 1.4)
      tilt (~> 1.3, >= 1.3.4)
    tilt (1.4.1)

PLATFORMS
  ruby

DEPENDENCIES
  redis
  redis-sinatra
  sinatra
